GIT
  remote: https://github.com/heartcombo/simple_form.git
  revision: ae12516978a07b75bb3f929829170b7f5716f53c
  specs:
    simple_form (5.3.0)
      actionpack (>= 5.2)
      activemodel (>= 5.2)

GEM
  remote: https://rubygems.org/
  specs:
    actioncable (7.1.3.3)
      actionpack (= 7.1.3.3)
      activesupport (= 7.1.3.3)
      nio4r (~> 2.0)
      websocket-driver (>= 0.6.1)
      zeitwerk (~> 2.6)
    actionmailbox (7.1.3.3)
      actionpack (= 7.1.3.3)
      activejob (= 7.1.3.3)
      activerecord (= 7.1.3.3)
      activestorage (= 7.1.3.3)
      activesupport (= 7.1.3.3)
      mail (>= 2.7.1)
      net-imap
      net-pop
      net-smtp
    actionmailer (7.1.3.3)
      actionpack (= 7.1.3.3)
      actionview (= 7.1.3.3)
      activejob (= 7.1.3.3)
      activesupport (= 7.1.3.3)
      mail (~> 2.5, >= 2.5.4)
      net-imap
      net-pop
      net-smtp
      rails-dom-testing (~> 2.2)
    actionpack (7.1.3.3)
      actionview (= 7.1.3.3)
      activesupport (= 7.1.3.3)
      nokogiri (>= 1.8.5)
      racc
      rack (>= 2.2.4)
      rack-session (>= 1.0.1)
      rack-test (>= 0.6.3)
      rails-dom-testing (~> 2.2)
      rails-html-sanitizer (~> 1.6)
    actiontext (7.1.3.3)
      actionpack (= 7.1.3.3)
      activerecord (= 7.1.3.3)
      activestorage (= 7.1.3.3)
      activesupport (= 7.1.3.3)
      globalid (>= 0.6.0)
      nokogiri (>= 1.8.5)
    actionview (7.1.3.3)
      activesupport (= 7.1.3.3)
      builder (~> 3.1)
      erubi (~> 1.11)
      rails-dom-testing (~> 2.2)
      rails-html-sanitizer (~> 1.6)
    activejob (7.1.3.3)
      activesupport (= 7.1.3.3)
      globalid (>= 0.3.6)
    activemodel (7.1.3.3)
      activesupport (= 7.1.3.3)
    activerecord (7.1.3.3)
      activemodel (= 7.1.3.3)
      activesupport (= 7.1.3.3)
      timeout (>= 0.4.0)
    activestorage (7.1.3.3)
      actionpack (= 7.1.3.3)
      activejob (= 7.1.3.3)
      activerecord (= 7.1.3.3)
      activesupport (= 7.1.3.3)
      marcel (~> 1.0)
    activesupport (7.1.3.3)
      base64
      bigdecimal
      concurrent-ruby (~> 1.0, >= 1.0.2)
      connection_pool (>= 2.2.5)
      drb
      i18n (>= 1.6, < 2)
      minitest (>= 5.1)
      mutex_m
      tzinfo (~> 2.0)
    addressable (2.8.6)
      public_suffix (>= 2.0.2, < 6.0)
    autoprefixer-rails (10.4.16.0)
      execjs (~> 2)
    awesome_print (1.9.2)
    base64 (0.2.0)
    bcrypt (3.1.20)
    bigdecimal (3.1.8)
    bindex (0.8.1)
    bootsnap (1.18.3)
      msgpack (~> 1.2)
    bootstrap (5.3.3)
      autoprefixer-rails (>= 9.1.0)
      popper_js (>= 2.11.8, < 3)
    builder (3.2.4)
    capybara (3.40.0)
      addressable
      matrix
      mini_mime (>= 0.1.3)
      nokogiri (~> 1.11)
      rack (>= 1.6.0)
      rack-test (>= 0.6.3)
      regexp_parser (>= 1.5, < 3.0)
      xpath (~> 3.2)
    cloudinary (2.0.2)
      faraday (>= 2.0.1, < 3.0.0)
      faraday-follow_redirects (~> 0.3.0)
      faraday-multipart (~> 1.0, >= 1.0.4)
    concurrent-ruby (1.2.3)
    connection_pool (2.4.1)
    crass (1.0.6)
    curl (0.0.9)
      awesome_print (>= 0.2.1)
      unidecoder (>= 1.1.1)
    date (3.3.4)
    debug (1.9.2)
      irb (~> 1.10)
      reline (>= 0.3.8)
    devise (4.9.4)
      bcrypt (~> 3.0)
      orm_adapter (~> 0.1)
      railties (>= 4.1.0)
      responders
      warden (~> 1.2.3)
    domain_name (0.6.20240107)
    dotenv (3.1.2)
    dotenv-rails (3.1.2)
      dotenv (= 3.1.2)
      railties (>= 6.1)
    drb (2.2.1)
    error_highlight (0.6.0)
    erubi (1.12.0)
    event_stream_parser (1.0.0)
    execjs (2.9.1)
    faraday (2.9.0)
      faraday-net_http (>= 2.0, < 3.2)
    faraday-follow_redirects (0.3.0)
      faraday (>= 1, < 3)
    faraday-multipart (1.0.4)
      multipart-post (~> 2)
    faraday-net_http (3.1.0)
      net-http
    ffi (1.16.3)
    font-awesome-sass (6.5.2)
      sassc (~> 2.0)
    globalid (1.2.1)
      activesupport (>= 6.1)
    http-accept (1.7.0)
    http-cookie (1.0.5)
      domain_name (~> 0.5)
    i18n (1.14.5)
      concurrent-ruby (~> 1.0)
    importmap-rails (2.0.1)
      actionpack (>= 6.0.0)
      activesupport (>= 6.0.0)
      railties (>= 6.0.0)
    io-console (0.7.2)
    irb (1.13.1)
      rdoc (>= 4.0.0)
      reline (>= 0.4.2)
    jbuilder (2.12.0)
      actionview (>= 5.0.0)
      activesupport (>= 5.0.0)
    loofah (2.22.0)
      crass (~> 1.0.2)
      nokogiri (>= 1.12.0)
    mail (2.8.1)
      mini_mime (>= 0.1.1)
      net-imap
      net-pop
      net-smtp
    marcel (1.0.4)
    matrix (0.4.2)
    mime-types (3.5.2)
      mime-types-data (~> 3.2015)
    mime-types-data (3.2024.0507)
    mini_mime (1.1.5)
    minitest (5.23.0)
    msgpack (1.7.2)
    multipart-post (2.4.1)
    mutex_m (0.2.0)
    net-http (0.4.1)
      uri
    net-imap (0.4.11)
      date
      net-protocol
    net-pop (0.1.2)
      net-protocol
    net-protocol (0.2.2)
      timeout
    net-smtp (0.5.0)
      net-protocol
    netrc (0.11.0)
    nio4r (2.7.3)
    nokogiri (1.16.5-aarch64-linux)
      racc (~> 1.4)
    nokogiri (1.16.5-arm-linux)
      racc (~> 1.4)
    nokogiri (1.16.5-arm64-darwin)
      racc (~> 1.4)
    nokogiri (1.16.5-x86-linux)
      racc (~> 1.4)
    nokogiri (1.16.5-x86_64-darwin)
      racc (~> 1.4)
    nokogiri (1.16.5-x86_64-linux)
      racc (~> 1.4)
    orm_adapter (0.5.0)
    pg (1.5.6)
    popper_js (2.11.8)
    psych (5.1.2)
      stringio
    public_suffix (5.0.5)
    puma (6.4.2)
      nio4r (~> 2.0)
    racc (1.7.3)
    rack (3.0.11)
    rack-session (2.0.0)
      rack (>= 3.0.0)
    rack-test (2.1.0)
      rack (>= 1.3)
    rackup (2.1.0)
      rack (>= 3)
      webrick (~> 1.8)
    rails (7.1.3.3)
      actioncable (= 7.1.3.3)
      actionmailbox (= 7.1.3.3)
      actionmailer (= 7.1.3.3)
      actionpack (= 7.1.3.3)
      actiontext (= 7.1.3.3)
      actionview (= 7.1.3.3)
      activejob (= 7.1.3.3)
      activemodel (= 7.1.3.3)
      activerecord (= 7.1.3.3)
      activestorage (= 7.1.3.3)
      activesupport (= 7.1.3.3)
      bundler (>= 1.15.0)
      railties (= 7.1.3.3)
    rails-dom-testing (2.2.0)
      activesupport (>= 5.0.0)
      minitest
      nokogiri (>= 1.6)
    rails-html-sanitizer (1.6.0)
      loofah (~> 2.21)
      nokogiri (~> 1.14)
    railties (7.1.3.3)
      actionpack (= 7.1.3.3)
      activesupport (= 7.1.3.3)
      irb
      rackup (>= 1.0.0)
      rake (>= 12.2)
      thor (~> 1.0, >= 1.2.2)
      zeitwerk (~> 2.6)
    rake (13.2.1)
    rdoc (6.6.3.1)
      psych (>= 4.0.0)
    redis-client (0.22.2)
      connection_pool
    regexp_parser (2.9.2)
    reline (0.5.7)
      io-console (~> 0.5)
    responders (3.1.1)
      actionpack (>= 5.2)
      railties (>= 5.2)
    rest-client (2.1.0)
      http-accept (>= 1.7.0, < 2.0)
      http-cookie (>= 1.0.2, < 2.0)
      mime-types (>= 1.16, < 4.0)
      netrc (~> 0.8)
    rexml (3.2.8)
      strscan (>= 3.0.9)
    ruby-openai (7.0.1)
      event_stream_parser (>= 0.3.0, < 2.0.0)
      faraday (>= 1)
      faraday-multipart (>= 1)
    rubyzip (2.3.2)
    sassc (2.4.0)
      ffi (~> 1.9)
    sassc-rails (2.1.2)
      railties (>= 4.0.0)
      sassc (>= 2.0)
      sprockets (> 3.0)
      sprockets-rails
      tilt
    selenium-webdriver (4.21.1)
      base64 (~> 0.2)
      rexml (~> 3.2, >= 3.2.5)
      rubyzip (>= 1.2.2, < 3.0)
      websocket (~> 1.0)
    sidekiq (7.2.4)
      concurrent-ruby (< 2)
      connection_pool (>= 2.3.0)
      rack (>= 2.2.4)
      redis-client (>= 0.19.0)
    sidekiq-failures (1.0.4)
      sidekiq (>= 4.0.0)
    simple_calendar (3.0.4)
      rails (>= 6.1)
    sprockets (4.2.1)
      concurrent-ruby (~> 1.0)
      rack (>= 2.2.4, < 4)
    sprockets-rails (3.4.2)
      actionpack (>= 5.2)
      activesupport (>= 5.2)
      sprockets (>= 3.0.0)
    stimulus-rails (1.3.3)
      railties (>= 6.0.0)
    stringio (3.1.0)
    strscan (3.1.0)
    thor (1.3.1)
    tilt (2.3.0)
    timeout (0.4.1)
    turbo-rails (2.0.5)
      actionpack (>= 6.0.0)
      activejob (>= 6.0.0)
      railties (>= 6.0.0)
    tzinfo (2.0.6)
      concurrent-ruby (~> 1.0)
    unidecoder (1.1.2)
    uri (0.13.0)
    warden (1.2.9)
      rack (>= 2.0.9)
    web-console (4.2.1)
      actionview (>= 6.0.0)
      activemodel (>= 6.0.0)
      bindex (>= 0.4.0)
      railties (>= 6.0.0)
    webrick (1.8.1)
    websocket (1.2.10)
    websocket-driver (0.7.6)
      websocket-extensions (>= 0.1.0)
    websocket-extensions (0.1.5)
    xpath (3.2.0)
      nokogiri (~> 1.8)
    zeitwerk (2.6.14)

PLATFORMS
  aarch64-linux
  arm-linux
  arm64-darwin
  x86-linux
  x86_64-darwin
  x86_64-linux

DEPENDENCIES
  autoprefixer-rails
  bootsnap
  bootstrap (~> 5.2)
  capybara
  cloudinary
  curl (~> 0.0.9)
  debug
  devise
  dotenv-rails
  error_highlight (>= 0.4.0)
  font-awesome-sass (~> 6.1)
  importmap-rails
  jbuilder
  pg (~> 1.1)
  puma (>= 5.0)
  rails (~> 7.1.3, >= 7.1.3.3)
  rest-client
  ruby-openai
  sassc-rails
  selenium-webdriver
  sidekiq (~> 7)
  sidekiq-failures
  simple_calendar
  simple_form!
  sprockets-rails
  stimulus-rails
  turbo-rails
  tzinfo-data
  web-console

RUBY VERSION
   ruby 3.1.2p20

BUNDLED WITH
   2.5.7
